GIT
  remote: https://github.com/SourceNinja/sourceninja-ruby
  revision: 378582b9f28f59a506a3747e972cde68a0545eae
  branch: sourceninja_0_08
  specs:
    sourceninja (0.0.8)
      httparty
      json

GEM
  remote: http://rubygems.org/
  specs:
    git (1.2.5)
    httparty (0.8.1)
      multi_json
      multi_xml
    jeweler (1.6.4)
      bundler (~> 1.0)
      git (>= 1.2.5)
      rake
    json (1.6.6)
    multi_json (1.0.4)
    multi_xml (0.4.1)
    rake (0.9.2.2)
    rcov (0.9.11)
    shoulda (2.11.3)
    xml-simple (1.1.1)

PLATFORMS
  ruby

DEPENDENCIES
  bundler
  httparty
  jeweler (~> 1.6.4)
  rcov
  shoulda
  sourceninja!
  xml-simple
