GIT
  remote: https://github.com/SourceNinja/sourceninja-ruby
  revision: 378582b9f28f59a506a3747e972cde68a0545eae
  branch: sourceninja_0_08
  specs:
    sourceninja (0.0.8)
      httparty
      json

GEM
  remote: http://rubygems.org/
  specs:
    git (1.2.5)
    httparty (0.8.3)
      multi_json (~> 1.0)
      multi_xml
    jeweler (1.6.4)
      bundler (~> 1.0)
      git (>= 1.2.5)
      rake
    json (1.6.6)
    multi_json (1.3.2)
    multi_xml (0.4.4)
    rake (0.9.2.2)
    shoulda (3.0.1)
      shoulda-context (~> 1.0.0)
      shoulda-matchers (~> 1.0.0)
    shoulda-context (1.0.0)
    shoulda-matchers (1.0.0)
    simplecov (0.6.2)
      multi_json (~> 1.3)
      simplecov-html (~> 0.5.3)
    simplecov-html (0.5.3)
    xml-simple (1.1.1)

PLATFORMS
  ruby

DEPENDENCIES
  bundler
  httparty
  jeweler (~> 1.6.4)
  shoulda
  simplecov
  sourceninja!
  xml-simple
